PATH
  remote: .
  specs:
    drinking_sudo (0.1.0)
      serialport
      thor

GEM
  remote: https://rubygems.org/
  specs:
    rake (10.5.0)
    serialport (1.3.1)
    thor (1.1.0)

PLATFORMS
  ruby

DEPENDENCIES
  bundler (~> 1.17)
  drinking_sudo!
  rake (~> 10.0)

BUNDLED WITH
   1.17.2
