PATH
  remote: .
  specs:
    drinking_sudo (0.1.0)
      launchy
      serialport
      thor

GEM
  remote: https://rubygems.org/
  specs:
    addressable (2.7.0)
      public_suffix (>= 2.0.2, < 5.0)
    launchy (2.5.0)
      addressable (~> 2.7)
    public_suffix (4.0.6)
    rake (10.5.0)
    serialport (1.3.1)
    thor (1.1.0)

PLATFORMS
  ruby

DEPENDENCIES
  bundler (~> 1.17)
  drinking_sudo!
  rake (~> 10.0)

BUNDLED WITH
   1.17.2
